GIT
  remote: git://github.com/kanghongchen/jekyll-gallery-generator.git
  revision: c03896ee46c397c782d15fd71a844dcb975a734d
  branch: master
  specs:
    jekyll-gallery-generator (0.0.5)
      exifr (~> 1.2)
      rmagick (~> 2.12)

GEM
  remote: https://rubygems.org/
  specs:
    exifr (1.2.1)
    rmagick (2.14.0)

PLATFORMS
  ruby

DEPENDENCIES
  jekyll-gallery-generator!
