GIT
  remote: git://github.com/kanghongchen/jekyll-gallery-generator.git
  revision: 5545adba2b52a2b74d1620f6533a8365290a6ade
  branch: master
  specs:
    jekyll-gallery-generator (0.0.5)
      exifr (~> 1.2)
      rmagick (~> 2.12)

GEM
  remote: https://rubygems.org/
  specs:
    exifr (1.2.1)
    rmagick (2.14.0)

PLATFORMS
  ruby

DEPENDENCIES
  jekyll-gallery-generator!
